GEM
  remote: https://rubygems.org/
  specs:
    aws-sdk (1.63.0)
      aws-sdk-v1 (= 1.63.0)
    aws-sdk-v1 (1.63.0)
      json (~> 1.4)
      nokogiri (>= 1.4.4)
    coderay (1.1.0)
    coffee-script (2.3.0)
      coffee-script-source
      execjs
    coffee-script-source (1.9.1)
    diffy (3.0.7)
    dslh (0.2.7)
    execjs (2.4.0)
    hashie (3.4.0)
    highline (1.7.1)
    json (1.8.2)
    json5 (0.0.1)
    kumogata (0.5.5)
      aws-sdk (>= 1.48.0, < 2.0.0)
      coderay
      coffee-script
      diffy
      dslh (>= 0.2.7)
      hashie
      highline
      json
      json5
      net-ssh
      retryable (~> 2.0.0)
      term-ansicolor
      therubyracer
      uuidtools
    libv8 (3.16.14.7)
    mini_portile (0.6.2)
    net-ssh (2.9.2)
    nokogiri (1.6.6.2)
      mini_portile (~> 0.6.0)
    rack (1.6.0)
    rack-protection (1.5.3)
      rack
    ref (1.0.5)
    retryable (2.0.1)
    sinatra (1.4.5)
      rack (~> 1.4)
      rack-protection (~> 1.4)
      tilt (~> 1.3, >= 1.3.4)
    term-ansicolor (1.3.0)
      tins (~> 1.0)
    therubyracer (0.12.1)
      libv8 (~> 3.16.14.0)
      ref
    tilt (1.4.1)
    tins (1.3.5)
    uuidtools (2.1.5)

PLATFORMS
  ruby

DEPENDENCIES
  kumogata
  sinatra
